GEM
  remote: http://rubygems.org/
  specs:
    gli (1.3.7)

PLATFORMS
  ruby

DEPENDENCIES
  gli
